GEM
  remote: http://rubygems.org/
  specs:
    anemone (0.7.2)
      nokogiri (>= 1.3.0)
      robotex (>= 1.0.0)
    bson (4.0.1)
    bson_ext (1.5.1)
    byebug (8.2.2)
    choice (0.2.0)
    coderay (1.1.0)
    method_source (0.8.2)
    mini_portile2 (2.0.0)
    mongo (2.2.2)
      bson (~> 4.0)
    nokogiri (1.6.7.2)
      mini_portile2 (~> 2.0.0.rc2)
    pry (0.10.3)
      coderay (~> 1.1.0)
      method_source (~> 0.8.1)
      slop (~> 3.4)
    pry-byebug (3.3.0)
      byebug (~> 8.0)
      pry (~> 0.10)
    robotex (1.0.0)
    slop (3.6.0)

PLATFORMS
  ruby

DEPENDENCIES
  anemone
  bson_ext
  choice
  mongo (~> 2.1)
  nokogiri
  pry-byebug

BUNDLED WITH
   1.11.2
